GIT
  remote: https://github.com/postmodern/ruby-masscan.git
  revision: c8e4f618809f6f8f8e2567f6af1b73132702010f
  branch: 0.3.0
  specs:
    ruby-masscan (0.3.0)
      command_mapper (~> 0.1)

GIT
  remote: https://github.com/ronin-rb/ronin-db.git
  revision: 05aa2ff8af1a82bfd7464465e0ea4341970d6234
  branch: 0.2.0
  specs:
    ronin-db (0.2.0)
      ronin-core (~> 0.1)
      ronin-db-activerecord (~> 0.1)
      ronin-support (~> 1.0)
      sqlite3 (~> 1.0)

GIT
  remote: https://github.com/ronin-rb/ronin-masscan.git
  revision: c6afe4471594589c67bd108b3d74e84306e788a3
  specs:
    ronin-masscan (0.1.0)
      ronin-core (~> 0.1)
      ronin-db (~> 0.2)
      ruby-masscan (~> 0.1)

GIT
  remote: https://github.com/ronin-rb/ronin-nmap.git
  revision: b7d59ef992f442ac30bf00f99d92b3311580d4e6
  specs:
    ronin-nmap (0.1.0)
      ronin-core (~> 0.1)
      ronin-db (~> 0.2)
      ruby-nmap (~> 1.0)

GEM
  remote: https://rubygems.org/
  specs:
    activemodel (7.0.4.3)
      activesupport (= 7.0.4.3)
    activerecord (7.0.4.3)
      activemodel (= 7.0.4.3)
      activesupport (= 7.0.4.3)
    activesupport (7.0.4.3)
      concurrent-ruby (~> 1.0, >= 1.0.2)
      i18n (>= 1.6, < 2)
      minitest (>= 5.1)
      tzinfo (~> 2.0)
    addressable (2.8.1)
      public_suffix (>= 2.0.2, < 6.0)
    ast (2.4.2)
    chars (0.3.2)
    combinatorics (0.4.4)
    command_kit (0.4.0)
    command_mapper (0.3.1)
    commander (4.6.0)
      highline (~> 2.0.0)
    concurrent-ruby (1.2.2)
    connection_pool (2.4.0)
    dead_end (4.0.0)
    diff-lcs (1.5.0)
    docile (1.4.0)
    domain_name (0.5.20190701)
      unf (>= 0.0.5, < 1.0.0)
    dry-configurable (1.0.1)
      dry-core (~> 1.0, < 2)
      zeitwerk (~> 2.6)
    dry-core (1.0.0)
      concurrent-ruby (~> 1.0)
      zeitwerk (~> 2.6)
    dry-inflector (1.0.0)
    dry-initializer (3.1.1)
    dry-logic (1.5.0)
      concurrent-ruby (~> 1.0)
      dry-core (~> 1.0, < 2)
      zeitwerk (~> 2.6)
    dry-schema (1.13.0)
      concurrent-ruby (~> 1.0)
      dry-configurable (~> 1.0, >= 1.0.1)
      dry-core (~> 1.0, < 2)
      dry-initializer (~> 3.0)
      dry-logic (>= 1.5, < 2)
      dry-types (>= 1.7, < 2)
      zeitwerk (~> 2.6)
    dry-struct (1.6.0)
      dry-core (~> 1.0, < 2)
      dry-types (>= 1.7, < 2)
      ice_nine (~> 0.11)
      zeitwerk (~> 2.6)
    dry-types (1.7.1)
      concurrent-ruby (~> 1.0)
      dry-core (~> 1.0)
      dry-inflector (~> 1.0)
      dry-logic (~> 1.4)
      zeitwerk (~> 2.6)
    dry-validation (1.10.0)
      concurrent-ruby (~> 1.0)
      dry-core (~> 1.0, < 2)
      dry-initializer (~> 3.0)
      dry-schema (>= 1.12, < 2)
      zeitwerk (~> 2.6)
    fake_io (0.1.0)
    ffi (1.15.5)
    ffi-hunspell (0.6.1)
      ffi (~> 1.0)
    foreman (0.87.2)
    hexdump (1.0.0)
    highline (2.0.3)
    http-cookie (1.0.5)
      domain_name (~> 0.5)
    i18n (1.12.0)
      concurrent-ruby (~> 1.0)
    ice_nine (0.11.2)
    io-console (0.6.0)
    irb (1.6.3)
      reline (>= 0.3.0)
    json (2.6.3)
    kramdown (2.4.0)
      rexml
    mechanize (2.8.5)
      addressable (~> 2.8)
      domain_name (~> 0.5, >= 0.5.20190701)
      http-cookie (~> 1.0, >= 1.0.3)
      mime-types (~> 3.0)
      net-http-digest_auth (~> 1.4, >= 1.4.1)
      net-http-persistent (>= 2.5.2, < 5.0.dev)
      nokogiri (~> 1.11, >= 1.11.2)
      rubyntlm (~> 0.6, >= 0.6.3)
      webrick (~> 1.7)
      webrobots (~> 0.1.2)
    mime-types (3.4.1)
      mime-types-data (~> 3.2015)
    mime-types-data (3.2023.0218.1)
    minitest (5.18.0)
    multi_json (1.15.0)
    mustermann (3.0.0)
      ruby2_keywords (~> 0.0.1)
    net-http-digest_auth (1.4.1)
    net-http-persistent (4.0.1)
      connection_pool (~> 2.2)
    nio4r (2.5.8)
    nokogiri (1.14.2-x86_64-linux)
      racc (~> 1.4)
    nokogiri-diff (0.2.0)
      nokogiri (~> 1.5)
      tdiff (~> 0.3, >= 0.3.2)
    nokogiri-ext (0.1.0)
      nokogiri (~> 1.0)
    open_namespace (0.4.1)
    parallel (1.22.1)
    parlour (5.0.0)
      commander (~> 4.5)
      parser
      rainbow (~> 3.0)
      sorbet-runtime (>= 0.5)
    parser (3.2.1.1)
      ast (~> 2.4.1)
    public_suffix (5.0.1)
    puma (6.1.1)
      nio4r (~> 2.0)
    racc (1.6.2)
    rack (2.2.6.4)
    rack-protection (3.0.5)
      rack
    rack-user_agent (0.5.3)
      rack (>= 1.5)
      woothee (>= 1.0.0)
    rainbow (3.1.1)
    rake (13.0.6)
    rbs (2.8.4)
    redcarpet (3.6.0)
    redis (5.0.6)
      redis-client (>= 0.9.0)
    redis-client (0.14.0)
      connection_pool
    redis-namespace (1.10.0)
      redis (>= 4)
    regexp_parser (2.7.0)
    reline (0.3.3)
      io-console (~> 0.5)
    rexml (3.2.5)
    ronin-code-asm (1.0.0)
      ruby-yasm (~> 0.3)
    ronin-code-sql (2.0.0)
      ronin-support (~> 1.0)
    ronin-core (0.1.1)
      command_kit (~> 0.4)
      irb (~> 1.0)
      reline (~> 0.1)
    ronin-db-activerecord (0.1.0)
      activerecord (~> 7.0)
      uri-query_params (~> 0.6)
    ronin-exploits (1.0.1)
      ronin-code-sql (~> 2.0)
      ronin-core (~> 0.1)
      ronin-payloads (~> 0.1, >= 0.1.1)
      ronin-post_ex (~> 0.1)
      ronin-repos (~> 0.1)
      ronin-support (~> 1.0, >= 1.0.1)
      ronin-vulns (~> 0.1, >= 0.1.1)
      uri-query_params (~> 0.6)
    ronin-payloads (0.1.1)
      ronin-code-asm (~> 1.0)
      ronin-core (~> 0.1)
      ronin-post_ex (~> 0.1)
      ronin-repos (~> 0.1)
      ronin-support (~> 1.0)
    ronin-post_ex (0.1.0)
      fake_io (~> 0.1)
      hexdump (~> 1.0)
      ronin-core (~> 0.1)
    ronin-repos (0.1.0)
      ronin-core (~> 0.1)
    ronin-support (1.0.1)
      addressable (~> 2.0)
      chars (~> 0.3, >= 0.3.2)
      combinatorics (~> 0.4)
      hexdump (~> 1.0)
      uri-query_params (~> 0.8)
    ronin-vulns (0.1.2)
      ronin-core (~> 0.1)
      ronin-support (~> 1.0, >= 1.0.1)
    ronin-web (1.0.1)
      mechanize (~> 2.0)
      nokogiri (~> 1.4)
      nokogiri-diff (~> 0.2)
      nokogiri-ext (~> 0.1)
      open_namespace (~> 0.4)
      ronin-core (~> 0.1)
      ronin-support (~> 1.0)
      ronin-web-server (~> 0.1, >= 0.1.1)
      ronin-web-spider (~> 0.1)
      ronin-web-user_agents (~> 0.1)
    ronin-web-server (0.1.1)
      rack (~> 2.2)
      rack-user_agent (~> 0.5)
      ronin-support (~> 1.0)
      sinatra (~> 3.0)
      webrick (~> 1.0)
    ronin-web-spider (0.1.0)
      ronin-support (~> 1.0)
      spidr (~> 0.7)
    ronin-web-user_agents (0.1.0)
    rspec (3.12.0)
      rspec-core (~> 3.12.0)
      rspec-expectations (~> 3.12.0)
      rspec-mocks (~> 3.12.0)
    rspec-core (3.12.1)
      rspec-support (~> 3.12.0)
    rspec-expectations (3.12.2)
      diff-lcs (>= 1.2.0, < 2.0)
      rspec-support (~> 3.12.0)
    rspec-mocks (3.12.4)
      diff-lcs (>= 1.2.0, < 2.0)
      rspec-support (~> 3.12.0)
    rspec-support (3.12.0)
    rubocop (1.48.1)
      json (~> 2.3)
      parallel (~> 1.10)
      parser (>= 3.2.0.0)
      rainbow (>= 2.2.2, < 4.0)
      regexp_parser (>= 1.8, < 3.0)
      rexml (>= 3.2.5, < 4.0)
      rubocop-ast (>= 1.26.0, < 2.0)
      ruby-progressbar (~> 1.7)
      unicode-display_width (>= 2.4.0, < 3.0)
    rubocop-ast (1.28.0)
      parser (>= 3.2.1.0)
    rubocop-ronin (0.2.1)
      rubocop (~> 1.0)
    ruby-nmap (1.0.1)
      command_mapper (~> 0.3)
      nokogiri (~> 1.3)
    ruby-progressbar (1.13.0)
    ruby-yasm (0.3.0)
      command_mapper (~> 0.1)
    ruby2_keywords (0.0.5)
    rubyntlm (0.6.3)
    sidekiq (7.0.7)
      concurrent-ruby (< 2)
      connection_pool (>= 2.3.0)
      rack (>= 2.2.4)
      redis-client (>= 0.11.0)
    simplecov (0.22.0)
      docile (~> 1.1)
      simplecov-html (~> 0.11)
      simplecov_json_formatter (~> 0.1)
    simplecov-html (0.12.3)
    simplecov_json_formatter (0.1.4)
    sinatra (3.0.5)
      mustermann (~> 3.0)
      rack (~> 2.2, >= 2.2.4)
      rack-protection (= 3.0.5)
      tilt (~> 2.0)
    sinatra-contrib (3.0.5)
      multi_json
      mustermann (~> 3.0)
      rack-protection (= 3.0.5)
      sinatra (= 3.0.5)
      tilt (~> 2.0)
    sinatra-flash (0.3.0)
      sinatra (>= 1.0.0)
    sorbet-runtime (0.5.10736)
    sord (5.0.0)
      commander (~> 4.5)
      parlour (~> 5.0)
      rbs (~> 2.0)
      sorbet-runtime
      yard
    spidr (0.7.0)
      nokogiri (~> 1.3)
    sqlite3 (1.6.2-x86_64-linux)
    stackprof (0.2.24)
    tdiff (0.3.4)
    tilt (2.1.0)
    tzinfo (2.0.6)
      concurrent-ruby (~> 1.0)
    unf (0.1.4)
      unf_ext
    unf_ext (0.0.8.2)
    unicode-display_width (2.4.2)
    uri-query_params (0.8.1)
    webrick (1.8.1)
    webrobots (0.1.2)
    woothee (1.13.0)
    yard (0.9.26)
    yard-spellcheck (0.1.5)
      ffi-hunspell (~> 0.2)
      yard (~> 0.6)
    zeitwerk (2.6.7)

PLATFORMS
  x86_64-linux

DEPENDENCIES
  dead_end
  dry-schema (~> 1.0)
  dry-struct (~> 1.0)
  dry-validation (~> 1.0)
  foreman (~> 0.80)
  kramdown (~> 2.0)
  puma (~> 6.0)
  rake
  redcarpet
  redis (~> 5.0)
  redis-namespace (~> 1.10)
  ronin-db (~> 0.2)!
  ronin-exploits (~> 1.0)
  ronin-masscan (~> 0.1)!
  ronin-nmap (~> 0.1)!
  ronin-payloads (~> 0.1)
  ronin-repos (~> 0.1)
  ronin-support (~> 1.0)
  ronin-vulns (~> 0.1)
  ronin-web (~> 1.0)
  rspec (~> 3.0)
  rubocop
  rubocop-ronin
  ruby-masscan (~> 0.3)!
  sidekiq (~> 7.0)
  simplecov (~> 0.20)
  sinatra (~> 3.0)
  sinatra-contrib (~> 3.0)
  sinatra-flash (~> 0.3)
  sord
  stackprof
  yard (~> 0.9)
  yard-spellcheck

BUNDLED WITH
   2.4.7
