GIT
  remote: https://github.com/postmodern/ruby-masscan.git
  revision: fd9320ed1246f28cb21f493f23ecf00860b85814
  branch: 0.3.0
  specs:
    ruby-masscan (0.3.0)
      command_mapper (~> 0.1)

GIT
  remote: https://github.com/ronin-rb/ronin-core.git
  revision: fb7289a63b2f63423c3dc742a2c71dfb00d21f28
  branch: 0.2.0
  specs:
    ronin-core (0.2.0)
      command_kit (~> 0.4)
      irb (~> 1.0)
      reline (~> 0.1)

GIT
  remote: https://github.com/ronin-rb/ronin-db-activerecord.git
  revision: 60e42d49f2ed237b7fa5bab174e8628802dea7d5
  branch: 0.2.0
  specs:
    ronin-db-activerecord (0.2.0)
      activerecord (~> 7.0)
      uri-query_params (~> 0.6)

GIT
  remote: https://github.com/ronin-rb/ronin-db.git
  revision: bb8dd3ba922575ebf2cf08556286e4129fd0e310
  branch: 0.2.0
  specs:
    ronin-db (0.2.0)
      ronin-core (~> 0.1)
      ronin-db-activerecord (~> 0.1)
      ronin-support (~> 1.0)
      sqlite3 (~> 1.0)

GIT
  remote: https://github.com/ronin-rb/ronin-masscan.git
  revision: 9f7995c884400ba67203dec82f053fc65d5f8134
  specs:
    ronin-masscan (0.1.0)
      ronin-core (~> 0.2)
      ronin-db (~> 0.2)
      ruby-masscan (~> 0.1)

GIT
  remote: https://github.com/ronin-rb/ronin-nmap.git
  revision: 364fc7848383ccb23d4ddf5ba5119cc2996c1b93
  specs:
    ronin-nmap (0.1.0)
      ronin-core (~> 0.2)
      ronin-db (~> 0.2)
      ruby-nmap (~> 1.0)

GIT
  remote: https://github.com/ronin-rb/ronin-payloads.git
  revision: 4d88b830c1664523b3d7990ce7397f42550b3010
  specs:
    ronin-payloads (0.1.3)
      ronin-code-asm (~> 1.0)
      ronin-core (~> 0.1)
      ronin-post_ex (~> 0.1)
      ronin-repos (~> 0.1)
      ronin-support (~> 1.0)

GIT
  remote: https://github.com/ronin-rb/ronin-recon.git
  revision: dfeeddbffe433ce722528f598da2dda717633967
  specs:
    ronin-recon (0.1.0)
      async-dns (~> 1.0)
      async-http (~> 0.60)
      async-io (~> 1.0)
      ronin-core (~> 0.1)
      ronin-masscan (~> 0.1)
      ronin-nmap (~> 0.1)
      ronin-repos (~> 0.1)
      ronin-support (~> 1.0)
      ronin-web-spider (~> 0.2)
      thread-local (~> 1.0)
      wordlist (~> 1.0, >= 1.0.3)

GIT
  remote: https://github.com/ronin-rb/ronin-repos.git
  revision: 81e695a22b75925be7a4a1ffcbae8ea3efa0697e
  branch: 0.2.0
  specs:
    ronin-repos (0.2.0)
      ronin-core (~> 0.1)

GIT
  remote: https://github.com/ronin-rb/ronin-web-spider.git
  revision: 787fa30e1dcc995f9175786d7c5a1978abfea29e
  branch: 0.2.0
  specs:
    ronin-web-spider (0.2.0)
      ronin-support (~> 1.0)
      spidr (~> 0.7)

GIT
  remote: https://github.com/ronin-rb/ronin-web.git
  revision: 225f12a52a82eed63af62bf9a161ec0b49da90cf
  specs:
    ronin-web (1.0.2)
      mechanize (~> 2.0)
      nokogiri (~> 1.4)
      nokogiri-diff (~> 0.2)
      nokogiri-ext (~> 0.1)
      open_namespace (~> 0.4)
      robots (~> 0.10)
      ronin-core (~> 0.1)
      ronin-support (~> 1.0)
      ronin-web-server (~> 0.1, >= 0.1.1)
      ronin-web-spider (~> 0.1)
      ronin-web-user_agents (~> 0.1)

PATH
  remote: .
  specs:
    ronin-app (0.1.0)
      dry-schema (~> 1.0)
      dry-struct (~> 1.0)
      dry-validation (~> 1.0)
      foreman (~> 0.80)
      puma (~> 6.0)
      redis (~> 5.0)
      redis-namespace (~> 1.10)
      ronin-core (~> 0.2)
      ronin-db (~> 0.2)
      ronin-db-activerecord (~> 0.2)
      ronin-exploits (~> 1.0)
      ronin-masscan (~> 0.1)
      ronin-nmap (~> 0.1)
      ronin-payloads (~> 0.1)
      ronin-recon (~> 0.1)
      ronin-support (~> 1.0)
      ronin-vulns (~> 0.1)
      ronin-web (~> 1.0)
      ronin-web-spider (~> 0.2)
      sidekiq (~> 7.0)
      sinatra (~> 3.0)
      sinatra-contrib (~> 3.0)
      sinatra-flash (~> 0.3)

GEM
  remote: https://rubygems.org/
  specs:
    activemodel (7.0.7.2)
      activesupport (= 7.0.7.2)
    activerecord (7.0.7.2)
      activemodel (= 7.0.7.2)
      activesupport (= 7.0.7.2)
    activesupport (7.0.7.2)
      concurrent-ruby (~> 1.0, >= 1.0.2)
      i18n (>= 1.6, < 2)
      minitest (>= 5.1)
      tzinfo (~> 2.0)
    addressable (2.8.5)
      public_suffix (>= 2.0.2, < 6.0)
    ast (2.4.2)
    async (2.6.4)
      console (~> 1.10)
      fiber-annotation
      io-event (~> 1.1)
      timers (~> 4.1)
    async-dns (1.3.0)
      async-io (~> 1.15)
    async-http (0.60.2)
      async (>= 1.25)
      async-io (>= 1.28)
      async-pool (>= 0.2)
      protocol-http (~> 0.24.0)
      protocol-http1 (~> 0.15.0)
      protocol-http2 (~> 0.15.0)
      traces (>= 0.10.0)
    async-io (1.35.0)
      async
    async-pool (0.4.0)
      async (>= 1.25)
    base64 (0.1.1)
    chars (0.3.2)
    combinatorics (0.4.4)
    command_kit (0.4.0)
    command_mapper (0.3.1)
    commander (4.6.0)
      highline (~> 2.0.0)
    concurrent-ruby (1.2.2)
    connection_pool (2.4.1)
    console (1.23.2)
      fiber-annotation
      fiber-local
    dead_end (4.0.0)
    diff-lcs (1.5.0)
    docile (1.4.0)
    domain_name (0.5.20190701)
      unf (>= 0.0.5, < 1.0.0)
    dry-configurable (1.1.0)
      dry-core (~> 1.0, < 2)
      zeitwerk (~> 2.6)
    dry-core (1.0.1)
      concurrent-ruby (~> 1.0)
      zeitwerk (~> 2.6)
    dry-inflector (1.0.0)
    dry-initializer (3.1.1)
    dry-logic (1.5.0)
      concurrent-ruby (~> 1.0)
      dry-core (~> 1.0, < 2)
      zeitwerk (~> 2.6)
    dry-schema (1.13.3)
      concurrent-ruby (~> 1.0)
      dry-configurable (~> 1.0, >= 1.0.1)
      dry-core (~> 1.0, < 2)
      dry-initializer (~> 3.0)
      dry-logic (>= 1.4, < 2)
      dry-types (>= 1.7, < 2)
      zeitwerk (~> 2.6)
    dry-struct (1.6.0)
      dry-core (~> 1.0, < 2)
      dry-types (>= 1.7, < 2)
      ice_nine (~> 0.11)
      zeitwerk (~> 2.6)
    dry-types (1.7.1)
      concurrent-ruby (~> 1.0)
      dry-core (~> 1.0)
      dry-inflector (~> 1.0)
      dry-logic (~> 1.4)
      zeitwerk (~> 2.6)
    dry-validation (1.10.0)
      concurrent-ruby (~> 1.0)
      dry-core (~> 1.0, < 2)
      dry-initializer (~> 3.0)
      dry-schema (>= 1.12, < 2)
      zeitwerk (~> 2.6)
    fake_io (0.1.0)
    ffi (1.15.5)
    ffi-hunspell (0.6.1)
      ffi (~> 1.0)
    fiber-annotation (0.2.0)
    fiber-local (1.0.0)
    foreman (0.87.2)
    hexdump (1.0.0)
    highline (2.0.3)
    http-cookie (1.0.5)
      domain_name (~> 0.5)
    i18n (1.14.1)
      concurrent-ruby (~> 1.0)
    ice_nine (0.11.2)
    io-console (0.6.0)
    io-event (1.3.2)
    irb (1.7.4)
      reline (>= 0.3.6)
    json (2.6.3)
    kramdown (2.4.0)
      rexml
    language_server-protocol (3.17.0.3)
    mechanize (2.9.1)
      addressable (~> 2.8)
      domain_name (~> 0.5, >= 0.5.20190701)
      http-cookie (~> 1.0, >= 1.0.3)
      mime-types (~> 3.0)
      net-http-digest_auth (~> 1.4, >= 1.4.1)
      net-http-persistent (>= 2.5.2, < 5.0.dev)
      nokogiri (~> 1.11, >= 1.11.2)
      rubyntlm (~> 0.6, >= 0.6.3)
      webrick (~> 1.7)
      webrobots (~> 0.1.2)
    mime-types (3.5.1)
      mime-types-data (~> 3.2015)
    mime-types-data (3.2023.0808)
    minitest (5.19.0)
    multi_json (1.15.0)
    mustermann (3.0.0)
      ruby2_keywords (~> 0.0.1)
    net-http-digest_auth (1.4.1)
    net-http-persistent (4.0.2)
      connection_pool (~> 2.2)
    nio4r (2.5.9)
    nokogiri (1.15.4-x86_64-linux)
      racc (~> 1.4)
    nokogiri-diff (0.2.0)
      nokogiri (~> 1.5)
      tdiff (~> 0.3, >= 0.3.2)
    nokogiri-ext (0.1.0)
      nokogiri (~> 1.0)
    open_namespace (0.4.1)
    parallel (1.23.0)
    parlour (5.0.0)
      commander (~> 4.5)
      parser
      rainbow (~> 3.0)
      sorbet-runtime (>= 0.5)
    parser (3.2.2.3)
      ast (~> 2.4.1)
      racc
    protocol-hpack (1.4.2)
    protocol-http (0.24.7)
    protocol-http1 (0.15.1)
      protocol-http (~> 0.22)
    protocol-http2 (0.15.1)
      protocol-hpack (~> 1.4)
      protocol-http (~> 0.18)
    public_suffix (5.0.3)
    puma (6.3.1)
      nio4r (~> 2.0)
    racc (1.7.1)
    rack (2.2.8)
    rack-protection (3.1.0)
      rack (~> 2.2, >= 2.2.4)
    rack-user_agent (0.5.3)
      rack (>= 1.5)
      woothee (>= 1.0.0)
    rainbow (3.1.1)
    rake (13.0.6)
    rbs (3.2.1)
    redcarpet (3.6.0)
    redis (5.0.7)
      redis-client (>= 0.9.0)
    redis-client (0.16.0)
      connection_pool
    redis-namespace (1.11.0)
      redis (>= 4)
    regexp_parser (2.8.1)
    reline (0.3.8)
      io-console (~> 0.5)
    rexml (3.2.6)
    robots (0.10.1)
    ronin-code-asm (1.0.0)
      ruby-yasm (~> 0.3)
    ronin-code-sql (2.1.0)
      ronin-support (~> 1.0)
    ronin-exploits (1.0.2)
      ronin-code-sql (~> 2.0)
      ronin-core (~> 0.1)
      ronin-payloads (~> 0.1, >= 0.1.1)
      ronin-post_ex (~> 0.1)
      ronin-repos (~> 0.1)
      ronin-support (~> 1.0, >= 1.0.1)
      ronin-vulns (~> 0.1, >= 0.1.1)
      uri-query_params (~> 0.6)
    ronin-post_ex (0.1.0)
      fake_io (~> 0.1)
      hexdump (~> 1.0)
      ronin-core (~> 0.1)
    ronin-support (1.0.2)
      addressable (~> 2.0)
      chars (~> 0.3, >= 0.3.2)
      combinatorics (~> 0.4)
      hexdump (~> 1.0)
      uri-query_params (~> 0.8)
    ronin-vulns (0.1.3)
      ronin-core (~> 0.1)
      ronin-support (~> 1.0, >= 1.0.1)
    ronin-web-server (0.1.1)
      rack (~> 2.2)
      rack-user_agent (~> 0.5)
      ronin-support (~> 1.0)
      sinatra (~> 3.0)
      webrick (~> 1.0)
    ronin-web-user_agents (0.1.0)
    rspec (3.12.0)
      rspec-core (~> 3.12.0)
      rspec-expectations (~> 3.12.0)
      rspec-mocks (~> 3.12.0)
    rspec-core (3.12.2)
      rspec-support (~> 3.12.0)
    rspec-expectations (3.12.3)
      diff-lcs (>= 1.2.0, < 2.0)
      rspec-support (~> 3.12.0)
    rspec-mocks (3.12.6)
      diff-lcs (>= 1.2.0, < 2.0)
      rspec-support (~> 3.12.0)
    rspec-support (3.12.1)
    rubocop (1.56.2)
      base64 (~> 0.1.1)
      json (~> 2.3)
      language_server-protocol (>= 3.17.0)
      parallel (~> 1.10)
      parser (>= 3.2.2.3)
      rainbow (>= 2.2.2, < 4.0)
      regexp_parser (>= 1.8, < 3.0)
      rexml (>= 3.2.5, < 4.0)
      rubocop-ast (>= 1.28.1, < 2.0)
      ruby-progressbar (~> 1.7)
      unicode-display_width (>= 2.4.0, < 3.0)
    rubocop-ast (1.29.0)
      parser (>= 3.2.1.0)
    rubocop-ronin (0.2.4)
      rubocop (~> 1.0)
    ruby-nmap (1.0.1)
      command_mapper (~> 0.3)
      nokogiri (~> 1.3)
    ruby-progressbar (1.13.0)
    ruby-yasm (0.3.0)
      command_mapper (~> 0.1)
    ruby2_keywords (0.0.5)
    rubyntlm (0.6.3)
    sidekiq (7.1.2)
      concurrent-ruby (< 2)
      connection_pool (>= 2.3.0)
      rack (>= 2.2.4)
      redis-client (>= 0.14.0)
    simplecov (0.22.0)
      docile (~> 1.1)
      simplecov-html (~> 0.11)
      simplecov_json_formatter (~> 0.1)
    simplecov-html (0.12.3)
    simplecov_json_formatter (0.1.4)
    sinatra (3.1.0)
      mustermann (~> 3.0)
      rack (~> 2.2, >= 2.2.4)
      rack-protection (= 3.1.0)
      tilt (~> 2.0)
    sinatra-contrib (3.1.0)
      multi_json
      mustermann (~> 3.0)
      rack-protection (= 3.1.0)
      sinatra (= 3.1.0)
      tilt (~> 2.0)
    sinatra-flash (0.3.0)
      sinatra (>= 1.0.0)
    sorbet-runtime (0.5.10990)
    sord (6.0.0)
      commander (~> 4.5)
      parlour (~> 5.0)
      rbs (~> 3.0)
      sorbet-runtime
      yard
    spidr (0.7.0)
      nokogiri (~> 1.3)
    sqlite3 (1.6.4-x86_64-linux)
    stackprof (0.2.25)
    tdiff (0.3.4)
    thread-local (1.1.0)
    tilt (2.2.0)
    timers (4.3.5)
    traces (0.11.1)
    tzinfo (2.0.6)
      concurrent-ruby (~> 1.0)
    unf (0.1.4)
      unf_ext
    unf_ext (0.0.8.2)
    unicode-display_width (2.4.2)
    uri-query_params (0.8.1)
    webrick (1.8.1)
    webrobots (0.1.2)
    woothee (1.13.0)
    wordlist (1.0.3)
    yard (0.9.34)
    yard-spellcheck (0.1.5)
      ffi-hunspell (~> 0.2)
      yard (~> 0.6)
    zeitwerk (2.6.11)

PLATFORMS
  x86_64-linux

DEPENDENCIES
  bundler (~> 2.0)
  dead_end
  foreman
  kramdown (~> 2.0)
  puma
  rake
  redcarpet
  ronin-app!
  ronin-core (~> 0.2)!
  ronin-db (~> 0.2)!
  ronin-db-activerecord (~> 0.2)!
  ronin-masscan (~> 0.1)!
  ronin-nmap (~> 0.1)!
  ronin-payloads (~> 0.1)!
  ronin-recon (~> 0.1)!
  ronin-repos (~> 0.2)!
  ronin-web (~> 1.0)!
  ronin-web-spider (~> 0.2)!
  rspec (~> 3.0)
  rubocop
  rubocop-ronin
  ruby-masscan (~> 0.3)!
  simplecov (~> 0.20)
  sord
  stackprof
  yard (~> 0.9)
  yard-spellcheck

BUNDLED WITH
   2.3.26
